GEM
  remote: https://rubygems.org/
  specs:
    json (1.6.6)

PLATFORMS
  ruby

DEPENDENCIES
  json (~> 1.6)
